GEM
  remote: http://rubygems.org/
  specs:
    actionmailer (3.1.6)
      actionpack (= 3.1.6)
      mail (~> 2.3.3)
    actionpack (3.1.6)
      activemodel (= 3.1.6)
      activesupport (= 3.1.6)
      builder (~> 3.0.0)
      erubis (~> 2.7.0)
      i18n (~> 0.6)
      rack (~> 1.3.6)
      rack-cache (~> 1.2)
      rack-mount (~> 0.8.2)
      rack-test (~> 0.6.1)
      sprockets (~> 2.0.4)
    activemodel (3.1.6)
      activesupport (= 3.1.6)
      builder (~> 3.0.0)
      i18n (~> 0.6)
    activerecord (3.1.6)
      activemodel (= 3.1.6)
      activesupport (= 3.1.6)
      arel (~> 2.2.3)
      tzinfo (~> 0.3.29)
    activeresource (3.1.6)
      activemodel (= 3.1.6)
      activesupport (= 3.1.6)
    activesupport (3.1.6)
      multi_json (>= 1.0, < 1.3)
    addressable (2.2.6)
    arel (2.2.3)
    bcrypt-ruby (3.0.1)
    bluecloth (2.2.0)
    builder (3.0.0)
    cancan (1.6.7)
    capybara (1.1.2)
      mime-types (>= 1.16)
      nokogiri (>= 1.3.3)
      rack (>= 1.0.0)
      rack-test (>= 0.5.4)
      selenium-webdriver (~> 2.0)
      xpath (~> 0.1.4)
    capybara-webkit (0.11.0)
      capybara (>= 1.0.0, < 1.2)
      json
    childprocess (0.3.2)
      ffi (~> 1.0.6)
    coffee-rails (3.1.1)
      coffee-script (>= 2.2.0)
      railties (~> 3.1.0)
    coffee-script (2.2.0)
      coffee-script-source
      execjs
    coffee-script-source (1.2.0)
    css3buttons (1.0.1)
      actionpack (>= 3.0.0)
    database_cleaner (0.7.0)
    default_value_for (1.0.7)
    devise (1.5.3)
      bcrypt-ruby (~> 3.0)
      orm_adapter (~> 0.0.3)
      warden (~> 1.1)
    diff-lcs (1.1.3)
    em-websocket (0.3.6)
      addressable (>= 2.1.1)
      eventmachine (>= 0.12.9)
    erubis (2.7.0)
    eventmachine (0.12.10)
    execjs (1.2.13)
      multi_json (~> 1.0)
    factory_girl (2.3.2)
      activesupport
    factory_girl_rails (1.4.0)
      factory_girl (~> 2.3.0)
      railties (>= 3.0.0)
    ffi (1.0.11)
    guard (0.10.0)
      ffi (>= 0.5.0)
      thor (~> 0.14.6)
    guard-livereload (0.4.0)
      em-websocket (>= 0.2.0)
      guard (>= 0.10.0)
      multi_json (~> 1.0.3)
    has_scope (0.5.1)
    hike (1.2.1)
    i18n (0.6.0)
    inherited_resources (1.3.0)
      has_scope (~> 0.5.0)
      responders (~> 0.6.0)
    jquery-rails (1.0.19)
      railties (~> 3.0)
      thor (~> 0.14)
    json (1.7.3)
    launchy (2.0.5)
      addressable (~> 2.2.6)
    libwebsocket (0.1.3)
      addressable
    mail (2.3.3)
      i18n (>= 0.4.0)
      mime-types (~> 1.16)
      treetop (~> 1.4.8)
    mime-types (1.18)
    multi_json (1.0.4)
    nokogiri (1.5.2)
    orm_adapter (0.0.6)
    pg (0.12.2)
    polyglot (0.3.3)
    rack (1.3.6)
    rack-cache (1.2)
      rack (>= 0.4)
    rack-mount (0.8.3)
      rack (>= 1.0.0)
    rack-ssl (1.3.2)
      rack
    rack-test (0.6.1)
      rack (>= 1.0)
    rails (3.1.6)
      actionmailer (= 3.1.6)
      actionpack (= 3.1.6)
      activerecord (= 3.1.6)
      activeresource (= 3.1.6)
      activesupport (= 3.1.6)
      bundler (~> 1.0)
      railties (= 3.1.6)
    railties (3.1.6)
      actionpack (= 3.1.6)
      activesupport (= 3.1.6)
      rack-ssl (~> 1.3.2)
      rake (>= 0.8.7)
      rdoc (~> 3.4)
      thor (~> 0.14.6)
    rake (0.9.2.2)
    rdoc (3.12)
      json (~> 1.4)
    responders (0.6.4)
    rspec (2.8.0)
      rspec-core (~> 2.8.0)
      rspec-expectations (~> 2.8.0)
      rspec-mocks (~> 2.8.0)
    rspec-core (2.8.0)
    rspec-expectations (2.8.0)
      diff-lcs (~> 1.1.2)
    rspec-mocks (2.8.0)
    rspec-rails (2.8.1)
      actionpack (>= 3.0)
      activesupport (>= 3.0)
      railties (>= 3.0)
      rspec (~> 2.8.0)
    rubyzip (0.9.7)
    sass (3.1.12)
    sass-rails (3.1.5)
      actionpack (~> 3.1.0)
      railties (~> 3.1.0)
      sass (~> 3.1.10)
      tilt (~> 1.3.2)
    schema_plus (0.2.1)
      rails
      valuable
    selenium-webdriver (2.21.2)
      childprocess (>= 0.2.5)
      ffi (~> 1.0)
      libwebsocket (~> 0.1.3)
      multi_json (~> 1.0)
      rubyzip
    spork (0.9.0.rc9)
    sprockets (2.0.4)
      hike (~> 1.2)
      rack (~> 1.0)
      tilt (~> 1.1, != 1.3.0)
    thor (0.14.6)
    tilt (1.3.3)
    treetop (1.4.10)
      polyglot
      polyglot (>= 0.3.1)
    tzinfo (0.3.33)
    uglifier (1.1.0)
      execjs (>= 0.3.0)
      multi_json (>= 1.0.2)
    valuable (0.9.2)
    warden (1.1.0)
      rack (>= 1.0)
    will_paginate (3.0.2)
    xpath (0.1.4)
      nokogiri (~> 1.3)

PLATFORMS
  ruby

DEPENDENCIES
  bcrypt-ruby
  bluecloth
  cancan
  capybara
  capybara-webkit
  coffee-rails (~> 3.1.1)
  css3buttons
  database_cleaner
  default_value_for
  devise
  factory_girl_rails
  guard-livereload
  inherited_resources
  jquery-rails (>= 1.0.12)
  launchy
	pg (~> 0.12.2)
  rails (= 3.1.6)
  rspec-rails (~> 2.4)
  sass-rails (~> 3.1.5)
  schema_plus
  spork (= 0.9.0.rc9)
  uglifier (>= 1.0.3)
  will_paginate (~> 3.0.pre4)
